GEM
  remote: https://rubygems.org/
  specs:
    git (1.6.0)
      rchardet (~> 1.8)
    minitest (5.14.0)
    rchardet (1.8.0)
    ttytest (0.5.0)

PLATFORMS
  ruby

DEPENDENCIES
  git
  minitest
  ttytest

BUNDLED WITH
   1.17.3
