GEM
  remote: https://rubygems.org/
  specs:
    addressable (2.8.1)
      public_suffix (>= 2.0.2, < 6.0)
    docker-api (2.0.0)
      excon (>= 0.47.0)
      multi_json
    excon (0.78.1)
    git (1.13.0)
      addressable (~> 2.8)
      rchardet (~> 1.8)
    minitest (5.14.2)
    multi_json (1.15.0)
    public_suffix (5.0.1)
    rchardet (1.8.0)
    ttytest (0.5.0)

PLATFORMS
  ruby

DEPENDENCIES
  docker-api
  git
  minitest
  ttytest

BUNDLED WITH
   1.17.2
